GEM
  remote: https://rubygems.org/
  specs:
    byebug (11.1.3)
    childprocess (4.1.0)
    coderay (1.1.3)
    method_source (1.0.0)
    nokogiri (1.12.5-x86_64-linux)
      racc (~> 1.4)
    pry (0.13.1)
      coderay (~> 1.1)
      method_source (~> 1.0)
    pry-byebug (3.9.0)
      byebug (~> 11.0)
      pry (~> 0.13.0)
    racc (1.6.0)
    rexml (3.2.5)
    rubyzip (2.3.2)
    selenium-webdriver (4.1.0)
      childprocess (>= 0.5, < 5.0)
      rexml (~> 3.2, >= 3.2.5)
      rubyzip (>= 1.2.2)
    webdrivers (5.0.0)
      nokogiri (~> 1.6)
      rubyzip (>= 1.3.0)
      selenium-webdriver (~> 4.0)

PLATFORMS
  x86_64-linux

DEPENDENCIES
  pry-byebug (~> 3.4)
  selenium-webdriver (~> 4.0)
  webdrivers (~> 5.0)

BUNDLED WITH
   2.3.4
